GIT
  remote: git://github.com/acallaghan/ruby-escper.git
  revision: 1f135facbf08e4cdc8ffedf3ca984500e3f7897f
  specs:
    escper (1.2.2)
      rmagick
      serialport

GEM
  remote: https://rubygems.org/
  specs:
    mini_magick (4.4.0)
    rmagick (2.15.4)
    serialport (1.3.1)

PLATFORMS
  ruby

DEPENDENCIES
  escper!
  mini_magick

BUNDLED WITH
   1.11.2
